GEM
  remote: http://rubygems.org/
  specs:
    descriptive_statistics (2.5.1)
    diff-lcs (1.2.5)
    rake (12.3.3)
    rspec (3.4.0)
      rspec-core (~> 3.4.0)
      rspec-expectations (~> 3.4.0)
      rspec-mocks (~> 3.4.0)
    rspec-core (3.4.1)
      rspec-support (~> 3.4.0)
    rspec-expectations (3.4.0)
      diff-lcs (>= 1.2.0, < 2.0)
      rspec-support (~> 3.4.0)
    rspec-mocks (3.4.0)
      diff-lcs (>= 1.2.0, < 2.0)
      rspec-support (~> 3.4.0)
    rspec-support (3.4.1)
    statistics2 (0.54)

PLATFORMS
  ruby

DEPENDENCIES
  bundler
  descriptive_statistics
  rake
  rspec
  statistics2

BUNDLED WITH
   1.10.6
